PATH
  remote: .
  specs:
    rates (0.1.0)
      csv (~> 3.2)
      date (~> 3.2)
      fileutils (~> 1.6)
      net-http (~> 0.2.0)
      thor (~> 1.1)

GEM
  remote: https://rubygems.org/
  specs:
    csv (3.2.1)
    date (3.2.0)
    docile (1.4.0)
    fileutils (1.6.0)
    io-wait (0.2.0)
    minitest (5.14.4)
    net-http (0.2.0)
      net-protocol
      uri
    net-protocol (0.1.2)
      io-wait
      timeout
    simplecov (0.21.2)
      docile (~> 1.1)
      simplecov-html (~> 0.11)
      simplecov_json_formatter (~> 0.1)
    simplecov-html (0.12.3)
    simplecov_json_formatter (0.1.3)
    thor (1.1.0)
    timeout (0.2.0)
    uri (0.11.0)
    yard (0.9.26)

PLATFORMS
  x86_64-linux

DEPENDENCIES
  minitest (~> 5.14)
  rates!
  simplecov (~> 0.21.2)
  yard (~> 0.9.26)

BUNDLED WITH
   2.2.31
